GEM
  remote: http://rubygems.org/
  specs:
    ZenTest (4.6.1)
    activemodel (3.1.0.rc6)
      activesupport (= 3.1.0.rc6)
      bcrypt-ruby (~> 2.1.4)
      builder (~> 3.0.0)
      i18n (~> 0.6)
    activeresource (3.1.0.rc6)
      activemodel (= 3.1.0.rc6)
      activesupport (= 3.1.0.rc6)
    activesupport (3.1.0.rc6)
      multi_json (~> 1.0)
    addressable (2.2.6)
    autotest (4.4.6)
      ZenTest (>= 4.4.1)
    bcrypt-ruby (2.1.4)
    builder (3.0.0)
    columnize (0.3.4)
    crack (0.1.8)
    diff-lcs (1.1.2)
    growl-glue (1.0.7)
    i18n (0.6.0)
    linecache (0.46)
      rbx-require-relative (> 0.0.4)
    mime-types (1.16)
    multi_json (1.0.3)
    nokogiri (1.5.0)
    rbx-require-relative (0.0.5)
    rest-client (1.6.3)
      mime-types (>= 1.16)
    rspec (2.6.0)
      rspec-core (~> 2.6.0)
      rspec-expectations (~> 2.6.0)
      rspec-mocks (~> 2.6.0)
    rspec-core (2.6.4)
    rspec-expectations (2.6.0)
      diff-lcs (~> 1.1.2)
    rspec-mocks (2.6.0)
    ruby-debug (0.10.4)
      columnize (>= 0.1)
      ruby-debug-base (~> 0.10.4.0)
    ruby-debug-base (0.10.4)
      linecache (>= 0.3)
    vcr (1.10.3)
    webmock (1.6.4)
      addressable (> 2.2.5, ~> 2.2)
      crack (>= 0.1.7)

PLATFORMS
  ruby

DEPENDENCIES
  activeresource (= 3.1.0rc6)
  addressable (>= 2.2.1)
  autotest
  growl-glue
  nokogiri
  rest-client
  rspec (>= 2.0.0)
  ruby-debug
  vcr
  webmock (< 1.7.0)
