GIT
  remote: http://github.com/archiloque/rest-client.git
  revision: bb165eb
  specs:
    rest-client (1.6.0)
      mime-types (>= 1.16)

GIT
  remote: http://github.com/bblimke/webmock.git
  revision: 2970504
  specs:
    webmock (1.3.5)
      addressable (>= 2.1.1)
      crack (>= 0.1.7)

GIT
  remote: http://github.com/myronmarston/vcr.git
  revision: 6d8bfce
  specs:
    vcr (1.1.2)

GEM
  remote: http://rubygems.org/
  specs:
    activemodel (3.0.0)
      activesupport (= 3.0.0)
      builder (~> 2.1.2)
      i18n (~> 0.4.1)
    activeresource (3.0.0)
      activemodel (= 3.0.0)
      activesupport (= 3.0.0)
    activesupport (3.0.0)
    addressable (2.2.1)
    builder (2.1.2)
    columnize (0.3.1)
    crack (0.1.8)
    diff-lcs (1.1.2)
    echoe (4.3.1)
      gemcutter
      rubyforge
    gemcutter (0.6.1)
    highline (1.6.1)
    i18n (0.4.1)
    json_pure (1.4.6)
    linecache (0.43)
    mime-types (1.16)
    rspec (2.0.0.beta.22)
      rspec-core (= 2.0.0.beta.22)
      rspec-expectations (= 2.0.0.beta.22)
      rspec-mocks (= 2.0.0.beta.22)
    rspec-core (2.0.0.beta.22)
    rspec-expectations (2.0.0.beta.22)
      diff-lcs (>= 1.1.2)
    rspec-mocks (2.0.0.beta.22)
      rspec-core (= 2.0.0.beta.22)
      rspec-expectations (= 2.0.0.beta.22)
    ruby-debug (0.10.3)
      columnize (>= 0.1)
      ruby-debug-base (~> 0.10.3.0)
    ruby-debug-base (0.10.3)
      linecache (>= 0.3)
    rubyforge (2.0.4)
      json_pure (>= 1.1.7)

PLATFORMS
  ruby

DEPENDENCIES
  activeresource (>= 3.0)
  activesupport (>= 3.0)
  echoe
  highline
  rest-client!
  rspec (>= 2.0.0.beta.20)
  ruby-debug
  vcr!
  webmock!
